PATH
  remote: .
  specs:
    hogan_assets (1.3.3)
      execjs (>= 1.2.9)
      htmlcompressor (~> 0.0.3)
      sprockets (>= 2.0.3)
      tilt (>= 1.3.3)

GEM
  remote: https://rubygems.org/
  specs:
    POpen4 (0.1.4)
      Platform (>= 0.4.0)
      open4
    Platform (0.4.0)
    execjs (1.4.0)
      multi_json (~> 1.0)
    haml (3.1.7)
    hike (1.2.1)
    htmlcompressor (0.0.3)
      yui-compressor (~> 0.9.6)
    multi_json (1.3.6)
    open4 (1.3.0)
    rack (1.4.1)
    rake (0.9.2.2)
    sprockets (2.4.5)
      hike (~> 1.2)
      multi_json (~> 1.0)
      rack (~> 1.0)
      tilt (~> 1.1, != 1.3.0)
    tilt (1.3.3)
    yui-compressor (0.9.6)
      POpen4 (>= 0.1.4)

PLATFORMS
  ruby

DEPENDENCIES
  haml
  hogan_assets!
  rake
