PATH
  remote: .
  specs:
    hogan_assets (1.5.0)
      execjs (>= 1.2.9)
      htmlcompressor (>= 0.0.4)
      sprockets (>= 2.0.3)
      tilt (>= 1.3.3)

GEM
  remote: https://rubygems.org/
  specs:
    POpen4 (0.1.4)
      Platform (>= 0.4.0)
      open4
    Platform (0.4.0)
    columnize (0.3.6)
    debugger (1.3.1)
      columnize (>= 0.3.1)
      debugger-linecache (~> 1.1.1)
      debugger-ruby_core_source (~> 1.1.8)
    debugger-linecache (1.1.2)
      debugger-ruby_core_source (>= 1.1.1)
    debugger-ruby_core_source (1.1.8)
    execjs (1.4.0)
      multi_json (~> 1.0)
    haml (3.1.7)
    hike (1.2.1)
    htmlcompressor (0.0.5)
      yui-compressor (~> 0.9.6)
    multi_json (1.5.0)
    open4 (1.3.0)
    rack (1.5.1)
    rake (10.0.3)
    slim (1.3.6)
      temple (~> 0.5.5)
      tilt (~> 1.3.3)
    sprockets (2.8.2)
      hike (~> 1.2)
      multi_json (~> 1.0)
      rack (~> 1.0)
      tilt (~> 1.1, != 1.3.0)
    temple (0.5.5)
    tilt (1.3.3)
    yui-compressor (0.9.6)
      POpen4 (>= 0.1.4)

PLATFORMS
  ruby

DEPENDENCIES
  debugger
  haml
  hogan_assets!
  rake
  slim
